GIT
  remote: https://github.com/Bowery/linguist
  revision: 85c3c381022342a768ede033dab412fe55921537
  specs:
    github-linguist (4.0.0)
      charlock_holmes (~> 0.7.3)
      escape_utils (~> 1.0.1)
      mime-types (~> 1.19)
      rugged (~> 0.21.1b2)

GEM
  remote: https://rubygems.org/
  specs:
    charlock_holmes (0.7.3)
    escape_utils (1.0.1)
    mime-types (1.25.1)
    rugged (0.21.1b2)

PLATFORMS
  ruby

DEPENDENCIES
  github-linguist!
  rugged (~> 0.21.0)
